PATH
  remote: .
  specs:
    prawn-fast-png (0.2.3)
      prawn (>= 0.13.0)
      rmagick

GEM
  remote: https://rubygems.org/
  specs:
    Ascii85 (1.0.2)
    afm (0.2.0)
    hashery (2.1.1)
    pdf-reader (1.3.3)
      Ascii85 (~> 1.0.0)
      afm (~> 0.2.0)
      hashery (~> 2.0)
      ruby-rc4
      ttfunk
    prawn (0.13.0)
      afm
      pdf-reader (~> 1.2)
      ruby-rc4
      ttfunk (~> 1.0.3)
    rmagick (2.13.2)
    ruby-rc4 (0.1.5)
    ttfunk (1.0.3)

PLATFORMS
  ruby

DEPENDENCIES
  prawn-fast-png!
